GIT
  remote: git://github.com/bborn/authlogic.git
  revision: 03ed66a97174ba63fb2601d0193423f2ac8c55f0
  specs:
    authlogic (2.1.6)
      activesupport

GEM
  remote: http://rubygems.org/
  specs:
    ZenTest (4.5.0)
    abstract (1.0.0)
    actionmailer (3.0.5)
      actionpack (= 3.0.5)
      mail (~> 2.2.15)
    actionpack (3.0.5)
      activemodel (= 3.0.5)
      activesupport (= 3.0.5)
      builder (~> 2.1.2)
      erubis (~> 2.6.6)
      i18n (~> 0.4)
      rack (~> 1.2.1)
      rack-mount (~> 0.6.13)
      rack-test (~> 0.5.7)
      tzinfo (~> 0.3.23)
    activemerchant (1.7.3)
      activesupport (>= 2.3.2)
      braintree (>= 2.0.0)
      builder (>= 2.0.0)
    activemodel (3.0.5)
      activesupport (= 3.0.5)
      builder (~> 2.1.2)
      i18n (~> 0.4)
    activerecord (3.0.5)
      activemodel (= 3.0.5)
      activesupport (= 3.0.5)
      arel (~> 2.0.2)
      tzinfo (~> 0.3.23)
    activeresource (3.0.5)
      activemodel (= 3.0.5)
      activesupport (= 3.0.5)
    activesupport (3.0.5)
    archive-tar-minitar (0.5.2)
    arel (2.0.9)
    attr_encrypted (1.2.0)
      encryptor (>= 1.1.1)
    autotest (4.4.6)
      ZenTest (>= 4.4.1)
    autotest-growl (0.2.9)
    autotest-rails-pure (4.1.2)
    babosa (0.3.2)
    braintree (2.9.1)
      builder
    builder (2.1.2)
    cancan (1.4.1)
    columnize (0.3.2)
    compass (0.10.6)
      haml (>= 3.0.4)
    dalli (1.0.3)
    diff-lcs (1.1.2)
    email_spec (1.1.1)
      rspec (~> 2.0)
    encryptor (1.1.1)
    erubis (2.6.6)
      abstract (>= 1.0.0)
    escape (0.0.4)
    factory_girl (1.3.3)
    factory_girl_rails (1.0.1)
      factory_girl (~> 1.3)
      railties (>= 3.0.0)
    faker (0.9.5)
      i18n (~> 0.4)
    fancy-buttons (1.0.6)
      compass (= 0.10.6)
    formtastic (1.1.0)
      actionpack (>= 2.3.0)
      activesupport (>= 2.3.0)
      i18n (>= 0.4.0)
    friendly_id (3.2.1.1)
      babosa (~> 0.3.0)
    haml (3.0.25)
    i18n (0.5.0)
    jquery-rails (0.2.7)
      rails (~> 3.0)
      thor (~> 0.14.4)
    linecache (0.43)
    linecache19 (0.5.11)
      ruby_core_source (>= 0.1.4)
    mail (2.2.15)
      activesupport (>= 2.3.6)
      i18n (>= 0.4.0)
      mime-types (~> 1.16)
      treetop (~> 1.4.8)
    mime-types (1.16)
    mocha (0.9.12)
    mysql2 (0.2.7)
    nested_set (1.6.4)
      activerecord (>= 3.0.0)
      railties (>= 3.0.0)
    nokogiri (1.4.4)
    paperclip (2.3.8)
      activerecord
      activesupport
    polyglot (0.3.1)
    pr_geohash (1.0.0)
    prawn (0.8.4)
      prawn-core (< 0.9, >= 0.8.4)
      prawn-layout (< 0.9, >= 0.8.4)
      prawn-security (< 0.9, >= 0.8.4)
    prawn-core (0.8.4)
    prawn-layout (0.8.4)
    prawn-security (0.8.4)
    rack (1.2.2)
    rack-mount (0.6.14)
      rack (>= 1.0.0)
    rack-ssl (1.3.2)
      rack
    rack-test (0.5.7)
      rack (>= 1.0)
    rails (3.0.5)
      actionmailer (= 3.0.5)
      actionpack (= 3.0.5)
      activerecord (= 3.0.5)
      activeresource (= 3.0.5)
      activesupport (= 3.0.5)
      bundler (~> 1.0)
      railties (= 3.0.5)
    rails-erd (0.4.4)
      activerecord (~> 3.0)
      activesupport (~> 3.0)
      ruby-graphviz (~> 0.9.18)
    rails3-generators (0.17.4)
      railties (>= 3.0.0)
    railties (3.0.5)
      actionpack (= 3.0.5)
      activesupport (= 3.0.5)
      rake (>= 0.8.7)
      thor (~> 0.14.4)
    rake (0.8.7)
    rakismet (1.0.1)
    rmagick (2.13.1)
    rsolr (0.12.1)
      builder (>= 2.1.2)
    rspec (2.4.0)
      rspec-core (~> 2.4.0)
      rspec-expectations (~> 2.4.0)
      rspec-mocks (~> 2.4.0)
    rspec-core (2.4.0)
    rspec-expectations (2.4.0)
      diff-lcs (~> 1.1.2)
    rspec-mocks (2.4.0)
    rspec-rails (2.4.1)
      actionpack (~> 3.0)
      activesupport (~> 3.0)
      railties (~> 3.0)
      rspec (~> 2.4.0)
    rspec-rails-mocha (0.3.0)
      mocha (>= 0.9.8)
      rspec-rails (>= 2.0.0)
    ruby-debug (0.10.4)
      columnize (>= 0.1)
      ruby-debug-base (~> 0.10.4.0)
    ruby-debug-base (0.10.4)
      linecache (>= 0.3)
    ruby-debug-base19 (0.11.24)
      columnize (>= 0.3.1)
      linecache19 (>= 0.5.11)
      ruby_core_source (>= 0.1.4)
    ruby-debug19 (0.11.6)
      columnize (>= 0.3.1)
      linecache19 (>= 0.5.11)
      ruby-debug-base19 (>= 0.11.19)
    ruby-graphviz (0.9.21)
    ruby_core_source (0.1.4)
      archive-tar-minitar (>= 0.5.2)
    shoulda (2.11.3)
    ssl_requirement (0.1.0)
    state_machine (0.9.4)
    sunspot (1.2.1)
      escape (= 0.0.4)
      pr_geohash (~> 1.0)
      rsolr (= 0.12.1)
    sunspot_rails (1.2.1)
      nokogiri
      sunspot (= 1.2.1)
    thor (0.14.6)
    treetop (1.4.9)
      polyglot (>= 0.3.1)
    tzinfo (0.3.25)
    will_paginate (3.0.pre2)
    yajl-ruby (0.8.2)

PLATFORMS
  ruby

DEPENDENCIES
  activemerchant (~> 1.7.2)
  attr_encrypted
  authlogic (= 2.1.6)!
  autotest
  autotest-growl
  autotest-rails-pure
  cancan (~> 1.4.1)
  compass (~> 0.10.6)
  dalli (~> 1.0.2)
  email_spec
  factory_girl_rails
  faker
  fancy-buttons
  formtastic (~> 1.1.0)
  friendly_id (~> 3.0)
  haml (>= 3.0.13)
  jquery-rails
  mocha
  mysql2 (~> 0.2.6)
  nested_set (~> 1.6.3)
  nokogiri (~> 1.4.4)
  paperclip (~> 2.3.8)
  prawn (~> 0.8.4)
  rack-ssl
  rails (~> 3.0.5)
  rails-erd
  rails3-generators (~> 0.17.0)
  rakismet
  rmagick
  rspec (~> 2.4.0)
  rspec-core (~> 2.4.0)
  rspec-expectations (~> 2.4.0)
  rspec-mocks (~> 2.4.0)
  rspec-rails (~> 2.4.0)
  rspec-rails-mocha
  ruby-debug
  ruby-debug19
  shoulda
  ssl_requirement
  state_machine (~> 0.9.4)
  sunspot_rails (~> 1.2.rc4)
  will_paginate (~> 3.0.pre2)
  yajl-ruby
